GIT
  remote: https://github.com/platanus/lita-auth-code.git
  revision: e1733088a21f0e66d04989bb1e963ac155abbafa
  specs:
    lita-auth-code (0.1.0)
      lita (>= 4.7)

GIT
  remote: https://github.com/platanus/lita-crypto.git
  revision: 1678147b0f2ffb345766b12451cdc3351005c198
  specs:
    lita-crypto (0.2.0)
      httparty
      lita (>= 4.7)
      money

GIT
  remote: https://github.com/platanus/lita-dependencies.git
  revision: cadf87b31a0bd046bf71eac11f8d57566e8d9978
  specs:
    lita-dependencies (0.1.0)
      gems
      lita (>= 4.7)
      lita-github-web-hooks-core
      octokit (~> 4.0)
      power-types

GIT
  remote: https://github.com/platanus/lita-harvest-tracker.git
  revision: f76ccdbe1b8ec621e1eb2bdc55ae7e204cfb8189
  specs:
    lita-harvest-tracker (0.1.0)
      lita (>= 4.7)

GIT
  remote: https://github.com/platanus/lita-lightning-bot.git
  revision: f59826147615e33b5a753b3c35529c182bb67d3f
  specs:
    lita-lightning (0.1.0)
      faraday (~> 0.9)
      faraday-conductivity (~> 0.3)
      faraday_middleware (~> 0.9)
      httparty
      lita (>= 4.7)

GIT
  remote: https://github.com/platanus/lita-lunch-reminder.git
  revision: 8bc83e0d9b4ddf5086ece84b65451989c466afe0
  specs:
    lita-lunch-reminder (0.2.0)
      google_drive
      lita (>= 4.7)
      rufus-scheduler
      slack-ruby-client

GIT
  remote: https://github.com/platanus/lita-office-automation.git
  revision: 4f9f4768fe96e9a127bf2e9122755e4ce7923979
  specs:
    lita-office-automation (0.1.0)
      httparty
      lita (>= 4.7)

GIT
  remote: https://github.com/platanus/lita-pull-requests.git
  revision: a2c5205f3719218c9597a6ce45988e468865ea41
  specs:
    lita-pull-requests (0.1.0)
      lita (>= 4.7)
      octokit (~> 4.0)
      rufus-scheduler (= 2.0.24)

GIT
  remote: https://github.com/platanus/lita-slack-actions.git
  revision: ce88ad84c85d9b5f9a48ffa9452983e212588de1
  specs:
    lita-slack-actions (0.1.0)
      lita (>= 4.7)

GIT
  remote: https://github.com/platanus/lita-trainer-bot.git
  revision: 946372ca7293a5f87c4917a207cd97f172b347ac
  specs:
    lita-trainer-bot (0.1.0)
      google_drive
      lita (>= 4.7)

GIT
  remote: https://github.com/platanus/lita_time_tracker.git
  revision: 286e1027a26496194c179d8bc2f90f1d942f6fe3
  specs:
    lita_time_tracker (0.1.0)
      awesome_print
      httparty
      lita (>= 4.7)
      require_all
      togglv8

GEM
  remote: https://rubygems.org/
  specs:
    activesupport (6.0.2.1)
      concurrent-ruby (~> 1.0, >= 1.0.2)
      i18n (>= 0.7, < 2)
      minitest (~> 5.1)
      tzinfo (~> 1.1)
      zeitwerk (~> 2.2)
    addressable (2.7.0)
      public_suffix (>= 2.0.2, < 5.0)
    awesome_print (1.8.0)
    coderay (1.1.2)
    concurrent-ruby (1.1.6)
    declarative (0.0.10)
    declarative-option (0.1.0)
    dotenv (2.7.5)
    eventmachine (1.2.7)
    faraday (0.17.3)
      multipart-post (>= 1.2, < 3)
    faraday-conductivity (0.3.1)
      faraday (~> 0.8)
    faraday_middleware (0.14.0)
      faraday (>= 0.7.4, < 1.0)
    faye-websocket (0.10.9)
      eventmachine (>= 0.12.0)
      websocket-driver (>= 0.5.1)
    gems (1.2.0)
    gli (2.19.0)
    google-api-client (0.36.4)
      addressable (~> 2.5, >= 2.5.1)
      googleauth (~> 0.9)
      httpclient (>= 2.8.1, < 3.0)
      mini_mime (~> 1.0)
      representable (~> 3.0)
      retriable (>= 2.0, < 4.0)
      signet (~> 0.12)
    google_drive (3.0.4)
      google-api-client (>= 0.11.0, < 0.37.0)
      googleauth (>= 0.5.0, < 1.0.0)
      nokogiri (>= 1.5.3, < 2.0.0)
    googleauth (0.11.0)
      faraday (>= 0.17.3, < 2.0)
      jwt (>= 1.4, < 3.0)
      memoist (~> 0.16)
      multi_json (~> 1.11)
      os (>= 0.9, < 2.0)
      signet (~> 0.12)
    hashie (4.1.0)
    http_router (0.11.2)
      rack (>= 1.0.0)
      url_mount (~> 0.2.1)
    httparty (0.17.3)
      mime-types (~> 3.0)
      multi_xml (>= 0.5.2)
    httpclient (2.8.3)
    i18n (0.9.5)
      concurrent-ruby (~> 1.0)
    ice_nine (0.11.2)
    jwt (2.2.1)
    lita (4.7.1)
      bundler (>= 1.3)
      faraday (>= 0.8.7)
      http_router (>= 0.11.2)
      i18n (>= 0.6.9)
      ice_nine (>= 0.11.0)
      multi_json (>= 1.7.7)
      puma (>= 2.7.1)
      rack (>= 1.5.2, < 2.0.0)
      rb-readline (>= 0.5.1)
      redis-namespace (>= 1.3.0)
      thor (>= 0.18.1)
    lita-github-web-hooks-core (1.0.1)
      i18n (~> 0.6, >= 0.6.9)
      lita (~> 4.3)
      netaddr (~> 1.5, >= 1.5.0)
      octokit (~> 4.0, >= 4.0.1)
    lita-slack (1.8.0)
      eventmachine
      faraday
      faye-websocket (>= 0.8.0)
      lita (>= 4.7.1)
      multi_json
    logger (1.4.2)
    memoist (0.16.2)
    method_source (0.9.2)
    mime-types (3.3.1)
      mime-types-data (~> 3.2015)
    mime-types-data (3.2019.1009)
    mini_mime (1.0.2)
    mini_portile2 (2.4.0)
    minitest (5.14.0)
    money (6.13.7)
      i18n (>= 0.6.4, <= 2)
    multi_json (1.14.1)
    multi_xml (0.6.0)
    multipart-post (2.1.1)
    netaddr (1.5.1)
    nio4r (2.5.8)
    nokogiri (1.10.8)
      mini_portile2 (~> 2.4.0)
    octokit (4.15.0)
      faraday (>= 0.9)
      sawyer (~> 0.8.0, >= 0.5.3)
    oj (3.10.2)
    os (1.0.1)
    power-types (0.3.1)
    pry (0.12.2)
      coderay (~> 1.1.0)
      method_source (~> 0.9.0)
    public_suffix (4.0.3)
    puma (5.6.2)
      nio4r (~> 2.0)
    rack (1.6.13)
    rb-readline (0.5.5)
    redis (4.1.3)
    redis-namespace (1.7.0)
      redis (>= 3.0.4)
    representable (3.0.4)
      declarative (< 0.1.0)
      declarative-option (< 0.2.0)
      uber (< 0.2.0)
    require_all (3.0.0)
    retriable (3.1.2)
    rufus-scheduler (2.0.24)
      tzinfo (>= 0.3.22)
    sawyer (0.8.2)
      addressable (>= 2.3.5)
      faraday (> 0.8, < 2.0)
    signet (0.13.0)
      addressable (~> 2.3)
      faraday (>= 0.17.3, < 2.0)
      jwt (>= 1.5, < 3.0)
      multi_json (~> 1.10)
    slack-ruby-client (0.14.5)
      activesupport
      faraday (>= 0.9)
      faraday_middleware
      gli
      hashie
      websocket-driver
    thor (1.0.1)
    thread_safe (0.3.6)
    togglv8 (1.2.1)
      faraday
      logger
      oj
    tzinfo (1.2.6)
      thread_safe (~> 0.1)
    uber (0.1.0)
    url_mount (0.2.1)
      rack
    websocket-driver (0.7.1)
      websocket-extensions (>= 0.1.0)
    websocket-extensions (0.1.4)
    zeitwerk (2.2.2)

PLATFORMS
  ruby

DEPENDENCIES
  dotenv
  lita
  lita-auth-code!
  lita-crypto!
  lita-dependencies!
  lita-harvest-tracker!
  lita-lightning!
  lita-lunch-reminder!
  lita-office-automation!
  lita-pull-requests!
  lita-slack
  lita-slack-actions!
  lita-trainer-bot!
  lita_time_tracker!
  pry
  slack-ruby-client (~> 0.14)

BUNDLED WITH
   2.1.4
