GIT
  remote: git://github.com/platanus/lita-auth-code.git
  revision: e1733088a21f0e66d04989bb1e963ac155abbafa
  specs:
    lita-auth-code (0.1.0)
      lita (>= 4.7)

GIT
  remote: git://github.com/platanus/lita-crypto.git
  revision: 1678147b0f2ffb345766b12451cdc3351005c198
  specs:
    lita-crypto (0.2.0)
      httparty
      lita (>= 4.7)
      money

GIT
  remote: git://github.com/platanus/lita-dependencies.git
  revision: cadf87b31a0bd046bf71eac11f8d57566e8d9978
  specs:
    lita-dependencies (0.1.0)
      gems
      lita (>= 4.7)
      lita-github-web-hooks-core
      octokit (~> 4.0)
      power-types

GIT
  remote: git://github.com/platanus/lita-lightning-bot.git
  revision: f59826147615e33b5a753b3c35529c182bb67d3f
  specs:
    lita-lightning (0.1.0)
      faraday (~> 0.9)
      faraday-conductivity (~> 0.3)
      faraday_middleware (~> 0.9)
      httparty
      lita (>= 4.7)

GIT
  remote: git://github.com/platanus/lita-lunch-reminder.git
  revision: 8ca2f1d173094956f8ba72b6ab4f9c4dc15217f6
  specs:
    lita-lunch-reminder (0.2.0)
      google_drive
      lita (>= 4.7)
      rufus-scheduler

GIT
  remote: git://github.com/platanus/lita-office-automation.git
  revision: 4f9f4768fe96e9a127bf2e9122755e4ce7923979
  specs:
    lita-office-automation (0.1.0)
      httparty
      lita (>= 4.7)

GIT
  remote: git://github.com/platanus/lita-pull-requests.git
  revision: a2c5205f3719218c9597a6ce45988e468865ea41
  specs:
    lita-pull-requests (0.1.0)
      lita (>= 4.7)
      octokit (~> 4.0)
      rufus-scheduler (= 2.0.24)

GIT
  remote: git://github.com/platanus/lita-slack-actions.git
  revision: 8f5ace2d3e29c25105731e83913fccfed6c30088
  specs:
    lita-slack-actions (0.1.0)
      lita (>= 4.7)

GIT
  remote: git://github.com/platanus/lita-trainer-bot.git
  revision: 946372ca7293a5f87c4917a207cd97f172b347ac
  specs:
    lita-trainer-bot (0.1.0)
      google_drive
      lita (>= 4.7)

GIT
  remote: git://github.com/platanus/lita_time_tracker.git
  revision: c6e4d7c31654996b877cd9af8f80fc88de5107f5
  specs:
    lita_time_tracker (0.1.0)
      awesome_print
      httparty
      lita (>= 4.7)
      require_all
      togglv8

GEM
  remote: https://rubygems.org/
  specs:
    activesupport (5.2.2)
      concurrent-ruby (~> 1.0, >= 1.0.2)
      i18n (>= 0.7, < 2)
      minitest (~> 5.1)
      tzinfo (~> 1.1)
    addressable (2.5.2)
      public_suffix (>= 2.0.2, < 4.0)
    awesome_print (1.8.0)
    coderay (1.1.2)
    concurrent-ruby (1.1.4)
    declarative (0.0.10)
    declarative-option (0.1.0)
    dotenv (2.6.0)
    eventmachine (1.2.7)
    faraday (0.15.4)
      multipart-post (>= 1.2, < 3)
    faraday-conductivity (0.3.1)
      faraday (~> 0.8)
    faraday_middleware (0.12.2)
      faraday (>= 0.7.4, < 1.0)
    faye-websocket (0.10.7)
      eventmachine (>= 0.12.0)
      websocket-driver (>= 0.5.1)
    gems (1.1.1)
      json
    gli (2.18.0)
    google-api-client (0.25.0)
      addressable (~> 2.5, >= 2.5.1)
      googleauth (>= 0.5, < 0.7.0)
      httpclient (>= 2.8.1, < 3.0)
      mime-types (~> 3.0)
      representable (~> 3.0)
      retriable (>= 2.0, < 4.0)
      signet (~> 0.10)
    google_drive (3.0.1)
      google-api-client (>= 0.11.0, < 0.26.0)
      googleauth (>= 0.5.0, < 1.0.0)
      nokogiri (>= 1.5.3, < 2.0.0)
    googleauth (0.6.7)
      faraday (~> 0.12)
      jwt (>= 1.4, < 3.0)
      memoist (~> 0.16)
      multi_json (~> 1.11)
      os (>= 0.9, < 2.0)
      signet (~> 0.7)
    hashie (3.6.0)
    http_router (0.11.2)
      rack (>= 1.0.0)
      url_mount (~> 0.2.1)
    httparty (0.16.3)
      mime-types (~> 3.0)
      multi_xml (>= 0.5.2)
    httpclient (2.8.3)
    i18n (0.9.5)
      concurrent-ruby (~> 1.0)
    ice_nine (0.11.2)
    json (2.1.0)
    jwt (2.1.0)
    lita (4.7.1)
      bundler (>= 1.3)
      faraday (>= 0.8.7)
      http_router (>= 0.11.2)
      i18n (>= 0.6.9)
      ice_nine (>= 0.11.0)
      multi_json (>= 1.7.7)
      puma (>= 2.7.1)
      rack (>= 1.5.2, < 2.0.0)
      rb-readline (>= 0.5.1)
      redis-namespace (>= 1.3.0)
      thor (>= 0.18.1)
    lita-github-web-hooks-core (1.0.1)
      i18n (~> 0.6, >= 0.6.9)
      lita (~> 4.3)
      netaddr (~> 1.5, >= 1.5.0)
      octokit (~> 4.0, >= 4.0.1)
    lita-slack (1.8.0)
      eventmachine
      faraday
      faye-websocket (>= 0.8.0)
      lita (>= 4.7.1)
      multi_json
    logger (1.3.0)
    memoist (0.16.0)
    method_source (0.9.2)
    mime-types (3.2.2)
      mime-types-data (~> 3.2015)
    mime-types-data (3.2018.0812)
    mini_portile2 (2.4.0)
    minitest (5.11.3)
    money (6.13.2)
      i18n (>= 0.6.4, <= 2)
    multi_json (1.13.1)
    multi_xml (0.6.0)
    multipart-post (2.0.0)
    netaddr (1.5.1)
    nokogiri (1.10.1)
      mini_portile2 (~> 2.4.0)
    octokit (4.13.0)
      sawyer (~> 0.8.0, >= 0.5.3)
    oj (3.7.7)
    os (1.0.0)
    power-types (0.3.1)
    pry (0.12.2)
      coderay (~> 1.1.0)
      method_source (~> 0.9.0)
    public_suffix (3.0.3)
    puma (3.12.0)
    rack (1.6.11)
    rb-readline (0.5.5)
    redis (4.1.0)
    redis-namespace (1.6.0)
      redis (>= 3.0.4)
    representable (3.0.4)
      declarative (< 0.1.0)
      declarative-option (< 0.2.0)
      uber (< 0.2.0)
    require_all (2.0.0)
    retriable (3.1.2)
    rufus-scheduler (2.0.24)
      tzinfo (>= 0.3.22)
    sawyer (0.8.1)
      addressable (>= 2.3.5, < 2.6)
      faraday (~> 0.8, < 1.0)
    signet (0.11.0)
      addressable (~> 2.3)
      faraday (~> 0.9)
      jwt (>= 1.5, < 3.0)
      multi_json (~> 1.10)
    slack-ruby-client (0.13.1)
      activesupport
      faraday (>= 0.9)
      faraday_middleware
      gli
      hashie
      websocket-driver
    thor (0.20.3)
    thread_safe (0.3.6)
    togglv8 (1.2.1)
      faraday
      logger
      oj
    tzinfo (1.2.5)
      thread_safe (~> 0.1)
    uber (0.1.0)
    url_mount (0.2.1)
      rack
    websocket-driver (0.7.0)
      websocket-extensions (>= 0.1.0)
    websocket-extensions (0.1.3)

PLATFORMS
  ruby

DEPENDENCIES
  dotenv
  lita
  lita-auth-code!
  lita-crypto!
  lita-dependencies!
  lita-lightning!
  lita-lunch-reminder!
  lita-office-automation!
  lita-pull-requests!
  lita-slack
  lita-slack-actions!
  lita-trainer-bot!
  lita_time_tracker!
  pry
  slack-ruby-client

BUNDLED WITH
   1.17.3
