GIT
  remote: git://github.com/platanus/lita-crypto.git
  revision: 1678147b0f2ffb345766b12451cdc3351005c198
  specs:
    lita-crypto (0.2.0)
      httparty
      lita (>= 4.7)
      money

GIT
  remote: git://github.com/platanus/lita-dependencies.git
  revision: cadf87b31a0bd046bf71eac11f8d57566e8d9978
  specs:
    lita-dependencies (0.1.0)
      gems
      lita (>= 4.7)
      lita-github-web-hooks-core
      octokit (~> 4.0)
      power-types

GIT
  remote: git://github.com/platanus/lita-google-birthdates.git
  revision: 5721c043ba1350e586b7a10763f51cd79ac0afc7
  specs:
    lita-google-birthdates (0.1.0)
      activesupport (~> 4.2)
      google_calendar
      lita (>= 4.7)
      rufus-scheduler (= 2.0.24)

GIT
  remote: git://github.com/platanus/lita-lightning-bot.git
  revision: 9600011e918563e546545ca50edd0a6d7c254b5e
  specs:
    lita-lightning (0.1.0)
      faraday (~> 0.9)
      faraday-conductivity (~> 0.3)
      faraday_middleware (~> 0.9)
      httparty
      lita (>= 4.7)

GIT
  remote: git://github.com/platanus/lita-lunch-reminder.git
  revision: c623e7023591729c7b2073cf3fd3df6100dc7e83
  specs:
    lita-lunch-reminder (0.2.0)
      google_drive
      lita (>= 4.7)
      weighted_randomizer

GIT
  remote: git://github.com/platanus/lita-office-automation.git
  revision: 7eec6f59410d2a0f59d0577c04551b5508ba321f
  specs:
    lita-office-automation (0.1.0)
      httparty
      lita (>= 4.7)

GIT
  remote: git://github.com/platanus/lita-pull-requests.git
  revision: a2c5205f3719218c9597a6ce45988e468865ea41
  specs:
    lita-pull-requests (0.1.0)
      lita (>= 4.7)
      octokit (~> 4.0)
      rufus-scheduler (= 2.0.24)

GIT
  remote: git://github.com/platanus/lita-trello-democracy.git
  revision: b3e8acc28b9dede793a3533a92f8596d1db77e55
  specs:
    lita-trello-democracy (0.1.0)
      lita (>= 4.7)
      power-types
      ruby-trello
      rufus-scheduler

GIT
  remote: git://github.com/platanus/lita-watering-reminder.git
  revision: d7d73a4cd8d18ce7100cc89ae9592f8a1f4fc2e7
  specs:
    lita-watering-reminder (0.2.0)
      google_drive
      lita (>= 4.7)

GIT
  remote: git://github.com/platanus/lita_time_tracker.git
  revision: 2ffce616b8b76b66155390bb0eb986b5d4f5fdd9
  specs:
    lita_time_tracker (0.1.0)
      awesome_print
      httparty
      lita (>= 4.7)
      require_all
      togglv8

GEM
  remote: https://rubygems.org/
  specs:
    TimezoneParser (0.2.0)
      insensitive_hash
      tzinfo
    activemodel (4.2.7.1)
      activesupport (= 4.2.7.1)
      builder (~> 3.1)
    activesupport (4.2.7.1)
      i18n (~> 0.7)
      json (~> 1.7, >= 1.7.7)
      minitest (~> 5.1)
      thread_safe (~> 0.3, >= 0.3.4)
      tzinfo (~> 1.1)
    addressable (2.4.0)
    awesome_print (1.8.0)
    builder (3.2.2)
    coderay (1.1.1)
    declarative (0.0.10)
    declarative-option (0.1.0)
    dotenv (2.1.1)
    eventmachine (1.2.0.1)
    faraday (0.9.2)
      multipart-post (>= 1.2, < 3)
    faraday-conductivity (0.3.1)
      faraday (~> 0.8)
    faraday_middleware (0.12.2)
      faraday (>= 0.7.4, < 1.0)
    faye-websocket (0.10.4)
      eventmachine (>= 0.12.0)
      websocket-driver (>= 0.5.1)
    gems (1.0.0)
      json
    google-api-client (0.10.3)
      addressable (~> 2.3)
      googleauth (~> 0.5)
      httpclient (~> 2.7)
      hurley (~> 0.1)
      memoist (~> 0.11)
      mime-types (>= 1.6)
      representable (~> 3.0)
      retriable (>= 2.0, < 4.0)
    google_calendar (0.6.1)
      TimezoneParser (~> 0.2.0)
      json (>= 1.8.3, < 2.1)
      signet (~> 0.7)
    google_drive (2.1.2)
      google-api-client (>= 0.9.0, < 1.0.0)
      googleauth (>= 0.5.0, < 1.0.0)
      nokogiri (>= 1.5.3, < 2.0.0)
    googleauth (0.5.1)
      faraday (~> 0.9)
      jwt (~> 1.4)
      logging (~> 2.0)
      memoist (~> 0.12)
      multi_json (~> 1.11)
      os (~> 0.9)
      signet (~> 0.7)
    http_router (0.11.2)
      rack (>= 1.0.0)
      url_mount (~> 0.2.1)
    httparty (0.15.6)
      multi_xml (>= 0.5.2)
    httpclient (2.8.3)
    hurley (0.2)
    i18n (0.8.6)
    ice_nine (0.11.2)
    insensitive_hash (0.3.3)
    json (1.8.6)
    jwt (1.5.6)
    lita (4.7.1)
      bundler (>= 1.3)
      faraday (>= 0.8.7)
      http_router (>= 0.11.2)
      i18n (>= 0.6.9)
      ice_nine (>= 0.11.0)
      multi_json (>= 1.7.7)
      puma (>= 2.7.1)
      rack (>= 1.5.2, < 2.0.0)
      rb-readline (>= 0.5.1)
      redis-namespace (>= 1.3.0)
      thor (>= 0.18.1)
    lita-github-web-hooks-core (1.0.1)
      i18n (~> 0.6, >= 0.6.9)
      lita (~> 4.3)
      netaddr (~> 1.5, >= 1.5.0)
      octokit (~> 4.0, >= 4.0.1)
    lita-keepalive (0.0.2)
      lita (~> 4.0)
    lita-poll (1.0.2)
      lita (>= 4.2.1)
    lita-slack (1.8.0)
      eventmachine
      faraday
      faye-websocket (>= 0.8.0)
      lita (>= 4.7.1)
      multi_json
    lita-whois (1.1.0)
      lita (~> 4.2)
      whois
    little-plugger (1.1.4)
    logger (1.2.8)
    logging (2.2.2)
      little-plugger (~> 1.1)
      multi_json (~> 1.10)
    memoist (0.16.0)
    method_source (0.8.2)
    mime-types (3.1)
      mime-types-data (~> 3.2015)
    mime-types-data (3.2016.0521)
    mini_portile2 (2.3.0)
    minitest (5.11.1)
    money (6.9.0)
      i18n (>= 0.6.4, < 0.9)
    multi_json (1.13.1)
    multi_xml (0.6.0)
    multipart-post (2.0.0)
    netaddr (1.5.1)
    nokogiri (1.8.1)
      mini_portile2 (~> 2.3.0)
    oauth (0.4.7)
    octokit (4.4.1)
      sawyer (~> 0.7.0, >= 0.5.3)
    oj (3.2.0)
    os (0.9.6)
    power-types (0.1.2)
    pry (0.10.4)
      coderay (~> 1.1.0)
      method_source (~> 0.8.1)
      slop (~> 3.4)
    puma (3.11.0)
    rack (1.6.8)
    rb-readline (0.5.5)
    redis (4.0.1)
    redis-namespace (1.6.0)
      redis (>= 3.0.4)
    representable (3.0.4)
      declarative (< 0.1.0)
      declarative-option (< 0.2.0)
      uber (< 0.2.0)
    require_all (1.4.0)
    rest-client (1.6.7)
      mime-types (>= 1.16)
    retriable (3.1.1)
    ruby-trello (1.1.1)
      activemodel (>= 3.2.0)
      addressable (~> 2.3)
      json
      oauth (~> 0.4.5)
      rest-client (~> 1.6.7)
    rufus-scheduler (2.0.24)
      tzinfo (>= 0.3.22)
    sawyer (0.7.0)
      addressable (>= 2.3.5, < 2.5)
      faraday (~> 0.8, < 0.10)
    signet (0.8.1)
      addressable (~> 2.3)
      faraday (~> 0.9)
      jwt (>= 1.5, < 3.0)
      multi_json (~> 1.10)
    slop (3.6.0)
    thor (0.20.0)
    thread_safe (0.3.6)
    togglv8 (1.2.1)
      faraday
      logger
      oj
    tzinfo (1.2.4)
      thread_safe (~> 0.1)
    uber (0.1.0)
    url_mount (0.2.1)
      rack
    websocket-driver (0.6.4)
      websocket-extensions (>= 0.1.0)
    websocket-extensions (0.1.2)
    weighted_randomizer (0.1.2)
    whois (3.6.5)
      activesupport (>= 3)

PLATFORMS
  ruby

DEPENDENCIES
  dotenv
  lita
  lita-crypto!
  lita-dependencies!
  lita-google-birthdates!
  lita-keepalive
  lita-lightning!
  lita-lunch-reminder!
  lita-office-automation!
  lita-poll
  lita-pull-requests!
  lita-slack
  lita-trello-democracy!
  lita-watering-reminder!
  lita-whois
  lita_time_tracker!
  pry

BUNDLED WITH
   1.16.0
